PATH
  remote: ./
  specs:
    motion_data (0.0.7)

GEM
  remote: http://rubygems.org/
  specs:
    motion-stump (0.3.0)
    rake (10.0.4)

PLATFORMS
  ruby

DEPENDENCIES
  motion-stump
  motion_data!
  rake
