GEM
  remote: http://rubygems.org/
  specs:
    activesupport (3.2.13)
      i18n (= 0.6.1)
      multi_json (~> 1.0)
    builder (3.2.2)
    i18n (0.6.1)
    motion-stump (0.3.0)
    multi_json (1.7.7)
    plist (3.1.0)
    rake (10.0.4)
    ruby-xcdm (0.0.2)
      activesupport (~> 3.2)
      builder (~> 3.2)
      plist (~> 3.1)

PLATFORMS
  ruby

DEPENDENCIES
  motion-stump
  rake
  ruby-xcdm
